STORAGE: NONE
RESTRICTION: == net50
NUGET
  remote: https://api.nuget.org/v3/index.json
    coverlet.collector (3.1)
    FSharp.Core (5.0.2)
    FsUnit.xUnit (4.0.5)
      FSharp.Core (>= 4.7.2)
      NETStandard.Library (>= 2.0.3)
      NHamcrest (>= 2.0.1 < 2.1)
      xunit (>= 2.4.1 < 2.5)
    Microsoft.CodeCoverage (16.10)
    Microsoft.NET.Test.Sdk (16.10)
      Microsoft.CodeCoverage (>= 16.10)
      Microsoft.TestPlatform.TestHost (>= 16.10)
    Microsoft.NETCore.Platforms (5.0.2)
    Microsoft.TestPlatform.ObjectModel (16.10)
      NuGet.Frameworks (>= 5.0)
      System.Reflection.Metadata (>= 1.6)
    Microsoft.TestPlatform.TestHost (16.10)
      Microsoft.TestPlatform.ObjectModel (>= 16.10)
      Newtonsoft.Json (>= 9.0.1)
    NETStandard.Library (2.0.3)
      Microsoft.NETCore.Platforms (>= 1.1)
    Newtonsoft.Json (13.0.1)
    NHamcrest (2.0.1)
      NETStandard.Library (>= 1.6.1)
    NuGet.Frameworks (5.10)
    System.Reflection.Metadata (5.0)
    xunit (2.4.1)
      xunit.analyzers (>= 0.10)
      xunit.assert (2.4.1)
      xunit.core (2.4.1)
    xunit.abstractions (2.0.3)
    xunit.analyzers (0.10)
    xunit.assert (2.4.1)
      NETStandard.Library (>= 1.6.1)
    xunit.core (2.4.1)
      xunit.extensibility.core (2.4.1)
      xunit.extensibility.execution (2.4.1)
    xunit.extensibility.core (2.4.1)
      NETStandard.Library (>= 1.6.1)
      xunit.abstractions (>= 2.0.3)
    xunit.extensibility.execution (2.4.1)
      NETStandard.Library (>= 1.6.1)
      xunit.extensibility.core (2.4.1)
    xunit.runner.visualstudio (2.4.3)
